GEM
  remote: https://rubygems.org/
  specs:
    appium_lib (9.9.0)
      appium_lib_core (~> 1.3.0)
      nokogiri (~> 1.6, >= 1.6.6)
      tomlrb (~> 1.1)
    appium_lib_core (1.3.0)
      json (>= 1.8)
      selenium-webdriver (~> 3.5)
    backports (3.10.3)
    builder (3.2.3)
    childprocess (0.8.0)
      ffi (~> 1.0, >= 1.0.11)
    clipboard (1.1.1)
    coderay (1.1.2)
    concurrent-ruby (1.0.5)
    cpf_faker (1.3.0)
      clipboard
    cucumber (3.1.0)
      builder (>= 2.1.2)
      cucumber-core (~> 3.1.0)
      cucumber-expressions (~> 5.0.4)
      cucumber-wire (~> 0.0.1)
      diff-lcs (~> 1.3)
      gherkin (~> 5.0)
      multi_json (>= 1.7.5, < 2.0)
      multi_test (>= 0.1.2)
    cucumber-core (3.1.0)
      backports (>= 3.8.0)
      cucumber-tag_expressions (~> 1.1.0)
      gherkin (>= 5.0.0)
    cucumber-expressions (5.0.7)
    cucumber-tag_expressions (1.1.1)
    cucumber-wire (0.0.1)
    data_magic (1.2)
      faker (>= 1.1.2)
      yml_reader (>= 0.6)
    diff-lcs (1.3)
    faker (1.8.4)
      i18n (~> 0.5)
    ffi (1.9.18)
    ffi (1.9.18-x64-mingw32)
    gherkin (5.0.0)
    i18n (0.9.1)
      concurrent-ruby (~> 1.0)
    json (2.3.1)
    method_source (0.9.0)
    mini_portile2 (2.8.0)
    multi_json (1.12.2)
    multi_test (0.1.2)
    nokogiri (1.13.6)
      mini_portile2 (~> 2.8.0)
      racc (~> 1.4)
    nokogiri (1.13.6-x64-mingw32)
      racc (~> 1.4)
    page-object (2.2.4)
      page_navigation (>= 0.10)
      selenium-webdriver (~> 3.0)
      watir (~> 6.8)
    page_navigation (0.10)
      data_magic (>= 0.22)
    pry (0.11.3)
      coderay (~> 1.1.0)
      method_source (~> 0.9.0)
    racc (1.6.0)
    rake (12.3.0)
    rspec (3.7.0)
      rspec-core (~> 3.7.0)
      rspec-expectations (~> 3.7.0)
      rspec-mocks (~> 3.7.0)
    rspec-core (3.7.0)
      rspec-support (~> 3.7.0)
    rspec-expectations (3.7.0)
      diff-lcs (>= 1.2.0, < 2.0)
      rspec-support (~> 3.7.0)
    rspec-mocks (3.7.0)
      diff-lcs (>= 1.2.0, < 2.0)
      rspec-support (~> 3.7.0)
    rspec-support (3.7.0)
    rubyzip (1.2.1)
    selenium-webdriver (3.8.0)
      childprocess (~> 0.5)
      rubyzip (~> 1.0)
    tomlrb (1.2.6)
    watir (6.10.0)
      selenium-webdriver (~> 3.4, >= 3.4.1)
    yml_reader (0.7)

PLATFORMS
  ruby
  x64-mingw32

DEPENDENCIES
  appium_lib
  cpf_faker
  cucumber
  data_magic
  faker
  page-object (~> 2.0)
  pry
  rake
  rspec

BUNDLED WITH
   1.16.1
